GEM
  remote: https://rubygems.org/
  specs:
    dotenv (2.7.4)
    env (0.3.0)
    httpclient (2.8.3)
    json (2.3.0)
    mustermann (1.0.3)
    rack (2.0.8)
    rack-protection (2.0.5)
      rack
    sinatra (2.0.5)
      mustermann (~> 1.0)
      rack (~> 2.0)
      rack-protection (= 2.0.5)
      tilt (~> 2.0)
    tilt (2.0.9)

PLATFORMS
  ruby

DEPENDENCIES
  dotenv
  env
  httpclient
  json
  sinatra

BUNDLED WITH
   1.16.5
