GEM
  remote: https://rubygems.org/
  specs:
    dotenv (2.7.4)
    env (0.3.0)
    httpclient (2.8.3)
    json (2.3.0)
    mustermann (2.0.2)
      ruby2_keywords (~> 0.0.1)
    rack (2.2.4)
    rack-protection (2.2.3)
      rack
    ruby2_keywords (0.0.5)
    sinatra (2.2.3)
      mustermann (~> 2.0)
      rack (~> 2.2)
      rack-protection (= 2.2.3)
      tilt (~> 2.0)
    tilt (2.0.11)

PLATFORMS
  ruby

DEPENDENCIES
  dotenv
  env
  httpclient
  json
  sinatra

BUNDLED WITH
   1.16.5
