GEM
  remote: https://rubygems.org/
  specs:
    ansi (1.5.0)
    builder (3.2.3)
    dotenv (2.7.4)
    env (0.3.0)
    httpclient (2.8.3)
    json (2.2.0)
    minitest (5.10.1)
    minitest-reporters (1.3.6)
      ansi
      builder
      minitest (>= 5.0)
      ruby-progressbar
    mustermann (1.0.3)
    rack (2.0.7)
    rack-protection (2.0.5)
      rack
    ruby-progressbar (1.10.1)
    sinatra (2.0.5)
      mustermann (~> 1.0)
      rack (~> 2.0)
      rack-protection (= 2.0.5)
      tilt (~> 2.0)
    tilt (2.0.9)

PLATFORMS
  ruby

DEPENDENCIES
  dotenv
  env
  httpclient
  json
  minitest
  minitest-reporters
  sinatra

BUNDLED WITH
   1.16.5
